GEM
  remote: https://rubygems.org/
  specs:
    ruby-prof (0.11.2)

PLATFORMS
  ruby

DEPENDENCIES
  ruby-prof
